GEM
  remote: https://rubygems.org/
  specs:
    mini_portile2 (2.8.8)
    sqlite3 (2.5.0)
      mini_portile2 (~> 2.8.0)
    sqlite3 (2.5.0-x86_64-linux-gnu)

PLATFORMS
  ruby
  x86_64-linux-gnu

DEPENDENCIES
  sqlite3

BUNDLED WITH
   2.5.11
